PATH
  remote: .
  specs:
    hack_css-rails (0.8.1)

GEM
  remote: https://rubygems.org/
  specs:
    rake (10.5.0)

PLATFORMS
  ruby

DEPENDENCIES
  bundler (~> 1.17)
  hack_css-rails!
  rake (~> 10.0)

BUNDLED WITH
   1.17.1
